GEM
  remote: http://rubygems.org/
  specs:
    eventmachine (1.0.0.rc.4)
    eventmachine (1.0.0.rc.4-java)
    foreman (0.60.2)
      thor (>= 0.13.6)
    json (1.5.0)
    json (1.5.0-java)
    json-jruby (1.5.0-java)
      json (= 1.5.0)
    linefit (0.3.0)
    metaclass (0.0.1)
    mocha (0.11.3)
      metaclass (~> 0.0.1)
    rake (0.9.2.2)
    redis (3.0.1)
    thor (0.16.0)
    yard (0.8.2)

PLATFORMS
  java
  ruby

DEPENDENCIES
  eventmachine (~> 1.0.0.rc.4)
  foreman
  json
  json-jruby
  linefit
  mocha
  rake
  redis (~> 3.0.1)
  yard
