GIT
  remote: git://github.com/Tapjoy/distribution.git
  revision: b26645f81810fe46a533ebf4128727763c3239c8
  specs:
    distribution (0.7.0)

GIT
  remote: git://github.com/Tapjoy/fakememcached.git
  revision: e6e537eba335a559c46fe7dc9bb5df34e8530baf
  ref: e6e53
  specs:
    fakememcached (0.1.0)

GIT
  remote: git://github.com/Tapjoy/right_aws.git
  revision: be26b4ab97c49adf3e34feedb322bf10e4dce5d1
  specs:
    right_aws (3.0.3)
      right_http_connection (>= 1.2.5)

GIT
  remote: git://github.com/Tapjoy/rollout.git
  revision: f67bd0d41b4291930656088e644f93696fb81637
  specs:
    rollout (1.1.0)

GIT
  remote: git://github.com/odorcicd/authlogic.git
  revision: a087ad0cba3c165ba22fcf176c28b6f7517931e8
  branch: rails3
  specs:
    authlogic (2.1.3)
      activesupport

GEM
  remote: http://rubygems.org/
  specs:
    SystemTimer (1.2.3)
    abstract (1.0.0)
    actionmailer (3.0.15)
      actionpack (= 3.0.15)
      mail (~> 2.2.19)
    actionpack (3.0.15)
      activemodel (= 3.0.15)
      activesupport (= 3.0.15)
      builder (~> 2.1.2)
      erubis (~> 2.6.6)
      i18n (~> 0.5.0)
      rack (~> 1.2.5)
      rack-mount (~> 0.6.14)
      rack-test (~> 0.5.7)
      tzinfo (~> 0.3.23)
    active_utils (1.0.3)
      activesupport (>= 2.3.11)
      i18n
    activemerchant (1.26.0)
      active_utils (>= 1.0.2)
      activesupport (>= 2.3.11)
      builder (>= 2.0.0)
      i18n
      json (>= 1.5.1)
      money
      nokogiri
    activemodel (3.0.15)
      activesupport (= 3.0.15)
      builder (~> 2.1.2)
      i18n (~> 0.5.0)
    activerecord (3.0.15)
      activemodel (= 3.0.15)
      activesupport (= 3.0.15)
      arel (~> 2.0.10)
      tzinfo (~> 0.3.23)
    activeresource (3.0.15)
      activemodel (= 3.0.15)
      activesupport (= 3.0.15)
    activesupport (3.0.15)
    acts-as-approvable (0.6.9)
    adapter (0.5.2)
    adapter-redis (0.5)
      adapter (~> 0.5.1)
      redis
    addressable (2.2.6)
    airbrake (3.0.5)
      activesupport
      builder
    akami (1.2.0)
      gyoku (>= 0.4.0)
      nokogiri (>= 1.4.0)
    annotate (2.4.0)
    arel (2.0.10)
    awesome_print (1.0.2)
    aws-sdk (1.3.9)
      httparty (~> 0.7)
      json (~> 1.4)
      nokogiri (>= 1.4.4)
      uuidtools (~> 2.1)
    builder (2.1.2)
    capybara (1.1.2)
      mime-types (>= 1.16)
      nokogiri (>= 1.3.3)
      rack (>= 1.0.0)
      rack-test (>= 0.5.4)
      selenium-webdriver (~> 2.0)
      xpath (~> 0.1.4)
    childprocess (0.3.3)
      ffi (~> 1.0.6)
    coderay (1.0.7)
    country-select (1.1.1)
    crack (0.1.8)
    cucumber (1.2.1)
      builder (>= 2.1.2)
      diff-lcs (>= 1.1.3)
      gherkin (~> 2.11.0)
      json (>= 1.4.6)
    cucumber-rails (1.3.0)
      capybara (>= 1.1.2)
      cucumber (>= 1.1.8)
      nokogiri (>= 1.5.0)
    curbit (0.2.0)
    daemons (1.0.10)
    database_cleaner (0.8.0)
    declarative_authorization (0.5.5)
    diff-lcs (1.1.3)
    differ (0.1.2)
    dynamic_form (1.1.4)
    erubis (2.6.6)
      abstract (>= 1.0.0)
    eventmachine (0.12.10)
    execjs (1.3.0)
      multi_json (~> 1.0)
    factory_girl (2.1.2)
      activesupport
    factory_girl_rails (1.2.0)
      factory_girl (~> 2.1.0)
      railties (>= 3.0.0)
    fakeredis (0.3.2)
      redis (~> 2.2.0)
    faraday (0.7.4)
      addressable (~> 2.2.6)
      multipart-post (~> 1.1.0)
      rack (>= 1.1.0, < 2)
    faraday_middleware (0.7.0)
      faraday (~> 0.7.3)
    ffi (1.0.11)
    foreman (0.36.1)
      term-ansicolor (~> 1.0.7)
      thor (>= 0.13.6)
    geoip (1.1.1)
    gherkin (2.11.1)
      json (>= 1.4.6)
    git (1.2.5)
    guard (1.2.3)
      listen (>= 0.4.2)
      thor (>= 0.14.6)
    guard-cucumber (1.2.0)
      cucumber (>= 1.2.0)
      guard (>= 1.1.0)
    guard-rspec (1.2.0)
      guard (>= 1.1)
    guard-spork (1.1.0)
      guard (>= 1.1)
      spork (>= 0.8.4)
    gyoku (0.4.6)
      builder (>= 2.1.2)
    haml (3.1.3)
    hashie (1.1.0)
    hike (1.2.1)
    hominid (3.0.2)
    hpricot (0.8.1)
    htmlentities (4.3.1)
    httparty (0.7.8)
      crack (= 0.1.8)
    httpi (1.1.1)
      rack
    i18n (0.5.0)
    jeweler (1.8.4)
      bundler (~> 1.0)
      git (>= 1.2.5)
      rake
      rdoc
    jquery-rails (1.0.19)
      railties (~> 3.0)
      thor (~> 0.14)
    json (1.5.3)
    kgio (2.7.2)
    launchy (2.1.0)
      addressable (~> 2.2.6)
    libv8 (3.3.10.4)
    libwebsocket (0.1.4)
      addressable
    libxml-ruby (1.1.3)
    listen (0.4.7)
      rb-fchange (~> 0.0.5)
      rb-fsevent (~> 0.9.1)
      rb-inotify (~> 0.8.8)
    mail (2.2.19)
      activesupport (>= 2.3.6)
      i18n (>= 0.4.0)
      mime-types (~> 1.16)
      treetop (~> 1.4.8)
    mail_safe (0.3.1)
      actionmailer (>= 1.3.6)
    memcached (1.3.2)
    method_source (0.8)
    mime-types (1.19)
    mogli (0.0.33)
      hashie (~> 1.1.0)
      httparty (>= 0.4.3)
      multi_json (~> 1.0.3)
    money (5.0.0)
      i18n (~> 0.4)
      json
    multi_json (1.0.3)
    multi_xml (0.4.0)
    multipart-post (1.1.0)
    mysql (2.8.1)
    newrelic_rpm (3.3.0)
    nokogiri (1.5.5)
    nori (1.1.2)
    nori (1.1.2)
    oauth (0.4.5)
    parallel (0.5.17)
    parallel_tests (0.8.4)
      parallel
    patron (0.4.4)
    plist (3.1.0)
    polyglot (0.3.3)
    pry (0.9.10)
      coderay (~> 1.0.5)
      method_source (~> 0.8)
      slop (~> 3.3.1)
    pry-nav (0.2.2)
      pry (~> 0.9.10)
    pry-rails (0.1.6)
      pry
    pry-remote (0.1.6)
      pry (~> 0.9)
      slop (~> 3.0)
    rack (1.2.5)
    rack-mount (0.6.14)
      rack (>= 1.0.0)
    rack-test (0.5.7)
      rack (>= 1.0)
    rails (3.0.15)
      actionmailer (= 3.0.15)
      actionpack (= 3.0.15)
      activerecord (= 3.0.15)
      activeresource (= 3.0.15)
      activesupport (= 3.0.15)
      bundler (~> 1.0)
      railties (= 3.0.15)
    railties (3.0.15)
      actionpack (= 3.0.15)
      activesupport (= 3.0.15)
      rake (>= 0.8.7)
      rdoc (~> 3.4)
      thor (~> 0.14.4)
    raindrops (0.10.0)
    rake (0.9.2.2)
    rb-fchange (0.0.5)
      ffi
    rb-fsevent (0.9.1)
    rb-inotify (0.8.8)
      ffi (>= 0.5.0)
    rcov (1.0.0)
    rdoc (3.12)
      json (~> 1.4)
    read_from_slave (0.4.0)
    redis (2.2.2)
    right_http_connection (1.3.0)
    rmagick (2.12.2)
    rspec (2.10.0)
      rspec-core (~> 2.10.0)
      rspec-expectations (~> 2.10.0)
      rspec-mocks (~> 2.10.0)
    rspec-core (2.10.1)
    rspec-expectations (2.10.0)
      diff-lcs (~> 1.1.3)
    rspec-instafail (0.2.4)
    rspec-mocks (2.10.1)
    rspec-rails (2.10.1)
      actionpack (>= 3.0)
      activesupport (>= 3.0)
      railties (>= 3.0)
      rspec (~> 2.10.0)
    ruby-hmac (0.4.0)
    ruby18_source_location (0.2)
    ruby_gntp (0.3.4)
    rubyzip (0.9.9)
    sass (3.1.15)
    selenium-webdriver (2.24.0)
    savon (1.1.0)
      akami (~> 1.2.0)
      builder (>= 2.1.2)
      gyoku (~> 0.4.5)
      httpi (~> 1.1.0)
      nokogiri (>= 1.4.0)
      nori (~> 1.1.0)
      wasabi (~> 2.5.0)
    selenium-webdriver (2.22.2)
      childprocess (>= 0.2.5)
      libwebsocket (~> 0.1.3)
      multi_json (~> 1.0)
      rubyzip
    sendgrid (1.0.1)
      json
      json
    shoulda-matchers (1.2.0)
      activesupport (>= 3.0.0)
    simple_oauth (0.1.5)
    simple_uuid (0.1.2)
    simplecov (0.6.4)
      multi_json (~> 1.0)
      simplecov-html (~> 0.5.3)
    simplecov-html (0.5.3)
    slop (3.3.2)
    spork (0.9.2)
    sprockets (2.3.1)
      hike (~> 1.2)
      multi_json (~> 1.0)
      rack (~> 1.0)
      tilt (~> 1.1, != 1.3.0)
    sqlite3 (1.3.3)
    syslog-logger (1.6.4)
    term-ansicolor (1.0.7)
    therubyracer (0.9.10)
      libv8 (~> 3.3.10)
    thin (1.4.1)
      daemons (>= 1.0.9)
      eventmachine (>= 0.12.6)
      rack (>= 1.0.0)
    thor (0.14.6)
    tilt (1.3.3)
    timecop (0.3.5)
    toystore (0.10.2)
      activemodel (~> 3.0, < 3.2)
      activesupport (~> 3.0, < 3.2)
      adapter (~> 0.5.1)
      simple_uuid (~> 0.1.1)
    treetop (1.4.10)
      polyglot
      polyglot (>= 0.3.1)
    twitter (1.7.2)
      faraday (~> 0.7.4)
      faraday_middleware (~> 0.7.0)
      hashie (~> 1.1.0)
      multi_json (~> 1.0.0)
      multi_xml (~> 0.4.0)
      simple_oauth (~> 0.1.5)
    typhoeus (0.2.4)
      mime-types
      mime-types
    tzinfo (0.3.33)
    uglifier (1.2.3)
      execjs (>= 0.3.0)
      multi_json (>= 1.0.2)
    unicorn (4.2.0)
      kgio (~> 2.6)
      rack
      raindrops (~> 0.7)
    uuidtools (2.1.2)
    vertica (0.9.1)
      jeweler
      rake
    wasabi (2.5.0)
      httpi (~> 1.0)
      nokogiri (>= 1.4.0)
    watir-webdriver (0.6.1)
      selenium-webdriver (>= 2.18.0)
    will_paginate (3.0.3)
    xml-simple (1.1.1)
    xpath (0.1.4)
      nokogiri (~> 1.3)

PLATFORMS
  ruby

DEPENDENCIES
  SystemTimer (= 1.2.3)
  activemerchant
  acts-as-approvable (= 0.6.9)
  adapter-redis (= 0.5)
  addressable (= 2.2.6)
  airbrake (= 3.0.5)
  annotate
  authlogic!
  awesome_print
  aws-sdk (= 1.3.9)
  capybara
  country-select
  cucumber
  cucumber-rails
  curbit (= 0.2.0)
  daemons (= 1.0.10)
  database_cleaner
  declarative_authorization
  differ
  distribution (= 0.7.0)!
  dynamic_form
  execjs (= 1.3.0)
  factory_girl_rails (= 1.2.0)
  fakememcached!
  fakeredis
  faraday (= 0.7.4)
  faraday_middleware (= 0.7.0)
  foreman (= 0.36.1)
  geoip (= 1.1.1)
  guard-cucumber
  guard-rspec
  guard-spork
  haml (= 3.1.3)
  hashie (= 1.1.0)
  hike (= 1.2.1)
  hominid (= 3.0.2)
  hpricot (= 0.8.1)
  htmlentities (= 4.3.1)
  httparty (= 0.7.8)
  jquery-rails
  json (= 1.5.3)
  kgio (= 2.7.2)
  launchy
  libxml-ruby (= 1.1.3)
  mail_safe (= 0.3.1)
  memcached (= 1.3.2)
  mogli (= 0.0.33)
  multi_json (= 1.0.3)
  multi_xml (= 0.4.0)
  multipart-post (= 1.1.0)
  mysql (= 2.8.1)
  newrelic_rpm (= 3.3.0)
  nokogiri (= 1.5.5)
  oauth (= 0.4.5)
  parallel_tests
  patron (= 0.4.4)
  plist (= 3.1.0)
  pry
  pry-nav
  pry-rails
  pry-remote
  rails (~> 3.0.12)
  rake
  rcov
  rdoc (= 3.12)
  read_from_slave (= 0.4.0)
  redis (= 2.2.2)
  right_aws!
  rmagick (= 2.12.2)
  rollout!
  rspec (~> 2.10.0)
  rspec-instafail
  rspec-rails (~> 2.10.0)
  ruby-hmac (= 0.4.0)
  ruby18_source_location
  ruby_gntp
  sass (= 3.1.15)
  savon (= 1.1.0)
  sendgrid (= 1.0.1)
  shoulda-matchers
  simple_oauth (= 0.1.5)
  simplecov
  spork
  sprockets (= 2.3.1)
  sqlite3 (= 1.3.3)
  syslog-logger (= 1.6.4)
  therubyracer (= 0.9.10)
  thin
  tilt (= 1.3.3)
  timecop
  toystore (= 0.10.2)
  twitter (= 1.7.2)
  typhoeus (= 0.2.4)
  uglifier (= 1.2.3)
  unicorn (= 4.2.0)
  uuidtools (= 2.1.2)
  vertica (= 0.9.1)
  will_paginate (~> 3.0)
  xml-simple
