GIT
  remote: git://github.com/freefrancisco/distribution.git
  revision: b26645f81810fe46a533ebf4128727763c3239c8
  specs:
    distribution (0.7.0)

GEM
  remote: http://rubygems.org/
  specs:
    SystemTimer (1.2.3)
    abstract (1.0.0)
    actionmailer (3.0.6)
      actionpack (= 3.0.6)
      mail (~> 2.2.15)
    actionpack (3.0.6)
      activemodel (= 3.0.6)
      activesupport (= 3.0.6)
      builder (~> 2.1.2)
      erubis (~> 2.6.6)
      i18n (~> 0.5.0)
      rack (~> 1.2.1)
      rack-mount (~> 0.6.14)
      rack-test (~> 0.5.7)
      tzinfo (~> 0.3.23)
    activemodel (3.0.6)
      activesupport (= 3.0.6)
      builder (~> 2.1.2)
      i18n (~> 0.5.0)
    activerecord (3.0.6)
      activemodel (= 3.0.6)
      activesupport (= 3.0.6)
      arel (~> 2.0.2)
      tzinfo (~> 0.3.23)
    activeresource (3.0.6)
      activemodel (= 3.0.6)
      activesupport (= 3.0.6)
    activesupport (3.0.6)
    acts-as-approvable (0.6.9)
    addressable (2.2.6)
    airbrake (3.0.5)
      activesupport
      builder
    arel (2.0.10)
    authlogic (2.1.6)
      activesupport
    aws-sdk (1.1.4)
      httparty (~> 0.7)
      json (~> 1.4)
      nokogiri (>= 1.4.4)
      uuidtools (~> 2.1)
    builder (2.1.2)
    cgi_multipart_eof_fix (2.5.0)
    crack (0.1.8)
    curbit (0.2.0)
    daemons (1.0.10)
    declarative_authorization (0.5.5)
    differ (0.1.2)
    erubis (2.6.6)
      abstract (>= 1.0.0)
    execjs (1.3.0)
      multi_json (~> 1.0)
    factory_girl (2.1.2)
      activesupport
    faraday (0.7.4)
      addressable (~> 2.2.6)
      multipart-post (~> 1.1.0)
      rack (>= 1.1.0, < 2)
    faraday_middleware (0.7.0)
      faraday (~> 0.7.3)
    fastthread (1.0.7)
    gem_plugin (0.2.3)
    geoip (1.1.1)
    haml (3.1.3)
    hashie (1.1.0)
    hike (1.2.1)
    hominid (3.0.2)
    hpricot (0.8.1)
    htmlentities (4.3.1)
    httparty (0.7.8)
      crack (= 0.1.8)
    i18n (0.5.0)
    json (1.5.3)
    kgio (2.7.4)
    libv8 (3.3.10.4)
    libxml-ruby (1.1.3)
    mail (2.2.19)
      activesupport (>= 2.3.6)
      i18n (>= 0.4.0)
      mime-types (~> 1.16)
      treetop (~> 1.4.8)
    mail_safe (0.3.1)
      actionmailer (>= 1.3.6)
    memcached (1.3.2)
    mime-types (1.18)
    mocha (0.9.12)
    mogli (0.0.33)
      hashie (~> 1.1.0)
      httparty (>= 0.4.3)
      multi_json (~> 1.0.3)
    mongrel (1.1.5)
      cgi_multipart_eof_fix (>= 2.4)
      daemons (>= 1.0.3)
      fastthread (>= 1.0.1)
      gem_plugin (>= 0.2.3)
    multi_json (1.0.3)
    multi_xml (0.4.0)
    multipart-post (1.1.0)
    mysql (2.8.1)
    newrelic_rpm (3.3.0)
    nokogiri (1.5.0)
    oauth (0.4.5)
    patron (0.4.4)
    plist (3.1.0)
    polyglot (0.3.3)
    rack (1.2.5)
    rack-mount (0.6.14)
      rack (>= 1.0.0)
    rack-test (0.5.7)
      rack (>= 1.0)
    rails (3.0.6)
      actionmailer (= 3.0.6)
      actionpack (= 3.0.6)
      activerecord (= 3.0.6)
      activeresource (= 3.0.6)
      activesupport (= 3.0.6)
      bundler (~> 1.0)
      railties (= 3.0.6)
    railties (3.0.6)
      actionpack (= 3.0.6)
      activesupport (= 3.0.6)
      rake (>= 0.8.7)
      thor (~> 0.14.4)
    raindrops (0.8.0)
    rake (0.9.2.2)
    rcov (0.9.11)
    rdoc (3.12)
      json (~> 1.4)
    read_from_slave (0.4.0)
    redis (2.2.2)
    right_aws (1.10.0)
      right_http_connection (>= 1.2.4)
    right_http_connection (1.3.0)
    rmagick (2.12.2)
    rspec (1.3.2)
    rspec-rails (1.3.4)
      rack (>= 1.0.0)
      rspec (~> 1.3.1)
    ruby-hmac (0.4.0)
    sass (3.1.15)
    sendgrid (1.0.1)
      json
      json
    shoulda (2.11.1)
    shoulda-addons (0.2.2)
    simple_oauth (0.1.5)
    spork (0.8.5)
    sprockets (2.3.1)
      hike (~> 1.2)
      multi_json (~> 1.0)
      rack (~> 1.0)
      tilt (~> 1.1, != 1.3.0)
    sqlite3 (1.3.3)
    syslog-logger (1.6.4)
    therubyracer (0.9.10)
      libv8 (~> 3.3.10)
    thor (0.14.6)
    tilt (1.3.3)
    treetop (1.4.10)
      polyglot
      polyglot (>= 0.3.1)
    twitter (1.7.2)
      faraday (~> 0.7.4)
      faraday_middleware (~> 0.7.0)
      hashie (~> 1.1.0)
      multi_json (~> 1.0.0)
      multi_xml (~> 0.4.0)
      simple_oauth (~> 0.1.5)
    typhoeus (0.2.4)
      mime-types
      mime-types
    tzinfo (0.3.32)
    uglifier (1.2.3)
      execjs (>= 0.3.0)
      multi_json (>= 1.0.2)
    unicorn (4.2.0)
      kgio (~> 2.6)
      rack
      raindrops (~> 0.7)
    uuidtools (2.1.2)
    vertica (0.8.1)
    will_paginate (2.3.16)

PLATFORMS
  ruby

DEPENDENCIES
  SystemTimer (= 1.2.3)
  acts-as-approvable (= 0.6.9)
  addressable (= 2.2.6)
  airbrake (= 3.0.5)
  authlogic
  aws-sdk (= 1.1.4)
  curbit (= 0.2.0)
  daemons (= 1.0.10)
  declarative_authorization
  differ (= 0.1.2)
  distribution (= 0.7.0)!
  execjs (= 1.3.0)
  factory_girl (= 2.1.2)
  faraday (= 0.7.4)
  faraday_middleware (= 0.7.0)
  geoip (= 1.1.1)
  haml (= 3.1.3)
  hashie (= 1.1.0)
  hike (= 1.2.1)
  hominid (= 3.0.2)
  hpricot (= 0.8.1)
  htmlentities (= 4.3.1)
  httparty (= 0.7.8)
  json (= 1.5.3)
  libxml-ruby (= 1.1.3)
  mail_safe (= 0.3.1)
  memcached (= 1.3.2)
  mocha (= 0.9.12)
  mogli (= 0.0.33)
  mongrel (= 1.1.5)
  multi_json (= 1.0.3)
  multi_xml (= 0.4.0)
  multipart-post (= 1.1.0)
  mysql (= 2.8.1)
  newrelic_rpm (= 3.3.0)
  nokogiri (= 1.5.0)
  oauth (= 0.4.5)
  patron (= 0.4.4)
  plist (= 3.1.0)
  rails (= 3.0.6)
  rcov (= 0.9.11)
  rdoc (= 3.12)
  read_from_slave (= 0.4.0)
  redis (= 2.2.2)
  right_aws (= 1.10.0)
  rmagick (= 2.12.2)
  rspec (= 1.3.2)
  rspec-rails (= 1.3.4)
  ruby-hmac (= 0.4.0)
  sass (= 3.1.15)
  sendgrid (= 1.0.1)
  shoulda (= 2.11.1)
  shoulda-addons (= 0.2.2)
  simple_oauth (= 0.1.5)
  spork (= 0.8.5)
  sprockets (= 2.3.1)
  sqlite3 (= 1.3.3)
  syslog-logger (= 1.6.4)
  therubyracer (= 0.9.10)
  tilt (= 1.3.3)
  twitter (= 1.7.2)
  typhoeus (= 0.2.4)
  uglifier (= 1.2.3)
  unicorn (= 4.2.0)
  uuidtools (= 2.1.2)
  vertica (= 0.8.1)
  will_paginate (= 2.3.16)
