GIT
  remote: git://github.com/Tapjoy/distribution.git
  revision: b26645f81810fe46a533ebf4128727763c3239c8
  specs:
    distribution (0.7.0)

GIT
  remote: git@github.com:Tapjoy/tapjoyserver-tests.git
  revision: cccd102e7b412d253e863e73850fd2ff074011ff
  specs:
    tapjoyserver-tests (1.0.0)
      watir-webdriver

GEM
  remote: http://rubygems.org/
  specs:
    SystemTimer (1.2.3)
    actionmailer (2.3.14)
      actionpack (= 2.3.14)
    actionpack (2.3.14)
      activesupport (= 2.3.14)
      rack (~> 1.1.0)
    activerecord (2.3.14)
      activesupport (= 2.3.14)
    activeresource (2.3.14)
      activesupport (= 2.3.14)
    activesupport (2.3.14)
    acts-as-approvable (0.6.9)
    addressable (2.2.6)
    after_commit (1.0.10)
      activerecord (>= 1.15.6, < 3.0.0)
    airbrake (3.0.5)
      activesupport
      builder
    authlogic (2.1.3)
      activesupport
    aws-sdk (1.3.9)
      httparty (~> 0.7)
      json (~> 1.4)
      nokogiri (>= 1.4.4)
      uuidtools (~> 2.1)
    builder (3.0.0)
    capybara (1.1.2)
      mime-types (>= 1.16)
      nokogiri (>= 1.3.3)
      rack (>= 1.0.0)
      rack-test (>= 0.5.4)
      selenium-webdriver (~> 2.0)
      xpath (~> 0.1.4)
    cgi_multipart_eof_fix (2.5.0)
    childprocess (0.3.1)
      ffi (~> 1.0.6)
    coderay (1.0.5)
    crack (0.1.8)
    curbit (0.2.0)
    daemons (1.0.10)
    declarative_authorization (0.4.1)
      rails (>= 2.1.0)
    differ (0.1.2)
    execjs (1.3.0)
      multi_json (~> 1.0)
    factory_girl (2.1.2)
      activesupport
    faraday (0.7.4)
      addressable (~> 2.2.6)
      multipart-post (~> 1.1.0)
      rack (>= 1.1.0, < 2)
    faraday_middleware (0.7.0)
      faraday (~> 0.7.3)
    fastthread (1.0.7)
    ffi (1.0.11)
    foreman (0.36.1)
      term-ansicolor (~> 1.0.7)
      thor (>= 0.13.6)
    gem_plugin (0.2.3)
    geoip (1.1.1)
    haml (3.1.3)
    hashie (1.1.0)
    hike (1.2.1)
    hominid (3.0.2)
    hpricot (0.8.1)
    htmlentities (4.3.1)
    httparty (0.7.8)
      crack (= 0.1.8)
    json (1.5.3)
    kgio (2.7.2)
    libv8 (3.3.10.4)
    libwebsocket (0.1.3)
      addressable
    libxml-ruby (1.1.3)
    mail_safe (0.3.1)
      actionmailer (>= 1.3.6)
    memcached (1.3.2)
    method_source (0.7.1)
    mime-types (1.18)
    mocha (0.9.12)
    mogli (0.0.33)
      hashie (~> 1.1.0)
      httparty (>= 0.4.3)
      multi_json (~> 1.0.3)
    mongrel (1.1.5)
      cgi_multipart_eof_fix (>= 2.4)
      daemons (>= 1.0.3)
      fastthread (>= 1.0.1)
      gem_plugin (>= 0.2.3)
    multi_json (1.0.3)
    multi_xml (0.4.0)
    multipart-post (1.1.0)
    mysql (2.8.1)
    newrelic_rpm (3.3.0)
    nokogiri (1.5.0)
    oauth (0.4.5)
    patron (0.4.4)
    plist (3.1.0)
    pry (0.9.8.4)
      coderay (~> 1.0.5)
      method_source (~> 0.7.1)
      slop (>= 2.4.4, < 3)
    rack (1.1.3)
    rack-test (0.6.1)
      rack (>= 1.0)
    rails (2.3.14)
      actionmailer (= 2.3.14)
      actionpack (= 2.3.14)
      activerecord (= 2.3.14)
      activeresource (= 2.3.14)
      activesupport (= 2.3.14)
      rake (>= 0.8.3)
    raindrops (0.8.0)
    rake (0.9.2.2)
    rcov (0.9.11)
    rdoc (3.12)
      json (~> 1.4)
    read_from_slave (0.4.0)
    redis (2.2.2)
    right_aws (1.10.0)
      right_http_connection (>= 1.2.4)
    right_http_connection (1.3.0)
    rmagick (2.12.2)
    rspec (1.3.2)
    rspec-rails (1.3.4)
      rack (>= 1.0.0)
      rspec (~> 1.3.1)
    ruby-hmac (0.4.0)
    rubyzip (0.9.7)
    sass (3.1.15)
    selenium-webdriver (2.21.1)
      childprocess (>= 0.2.5)
      ffi (~> 1.0)
      libwebsocket (~> 0.1.3)
      multi_json (< 1.3)
      rubyzip
    sendgrid (1.0.1)
      json
      json
    shoulda (2.11.1)
    shoulda-addons (0.2.2)
    simple_oauth (0.1.5)
    slop (2.4.4)
    spork (0.8.5)
    sprockets (2.3.1)
      hike (~> 1.2)
      multi_json (~> 1.0)
      rack (~> 1.0)
      tilt (~> 1.1, != 1.3.0)
    sqlite3 (1.3.3)
    syslog-logger (1.6.4)
    term-ansicolor (1.0.7)
    therubyracer (0.9.10)
      libv8 (~> 3.3.10)
    thor (0.14.6)
    tilt (1.3.3)
    twitter (1.7.2)
      faraday (~> 0.7.4)
      faraday_middleware (~> 0.7.0)
      hashie (~> 1.1.0)
      multi_json (~> 1.0.0)
      multi_xml (~> 0.4.0)
      simple_oauth (~> 0.1.5)
    typhoeus (0.2.4)
      mime-types
      mime-types
    uglifier (1.2.3)
      execjs (>= 0.3.0)
      multi_json (>= 1.0.2)
    unicorn (4.2.0)
      kgio (~> 2.6)
      rack
      raindrops (~> 0.7)
    uuidtools (2.1.2)
    vertica (0.8.1)
    watir-webdriver (0.5.4)
      selenium-webdriver (>= 2.18.0)
    will_paginate (2.3.16)
    xpath (0.1.4)
      nokogiri (~> 1.3)

PLATFORMS
  ruby

DEPENDENCIES
  SystemTimer (= 1.2.3)
  acts-as-approvable (= 0.6.9)
  addressable (= 2.2.6)
  after_commit (= 1.0.10)
  airbrake (= 3.0.5)
  authlogic (= 2.1.3)
  aws-sdk (= 1.3.9)
  builder (= 3.0.0)
  capybara
  curbit (= 0.2.0)
  daemons (= 1.0.10)
  declarative_authorization (= 0.4.1)
  differ (= 0.1.2)
  distribution (= 0.7.0)!
  execjs (= 1.3.0)
  factory_girl (= 2.1.2)
  faraday (= 0.7.4)
  faraday_middleware (= 0.7.0)
  foreman (= 0.36.1)
  geoip (= 1.1.1)
  haml (= 3.1.3)
  hashie (= 1.1.0)
  hike (= 1.2.1)
  hominid (= 3.0.2)
  hpricot (= 0.8.1)
  htmlentities (= 4.3.1)
  httparty (= 0.7.8)
  json (= 1.5.3)
  kgio (= 2.7.2)
  libxml-ruby (= 1.1.3)
  mail_safe (= 0.3.1)
  memcached (= 1.3.2)
  mocha (= 0.9.12)
  mogli (= 0.0.33)
  mongrel (= 1.1.5)
  multi_json (= 1.0.3)
  multi_xml (= 0.4.0)
  multipart-post (= 1.1.0)
  mysql (= 2.8.1)
  newrelic_rpm (= 3.3.0)
  nokogiri (= 1.5.0)
  oauth (= 0.4.5)
  patron (= 0.4.4)
  plist (= 3.1.0)
  pry
  rails (= 2.3.14)
  rcov (= 0.9.11)
  rdoc (= 3.12)
  read_from_slave (= 0.4.0)
  redis (= 2.2.2)
  right_aws (= 1.10.0)
  rmagick (= 2.12.2)
  rspec (= 1.3.2)
  rspec-rails (= 1.3.4)
  ruby-hmac (= 0.4.0)
  sass (~> 3.1.15)
  sendgrid (= 1.0.1)
  shoulda (= 2.11.1)
  shoulda-addons (= 0.2.2)
  simple_oauth (= 0.1.5)
  spork (= 0.8.5)
  sprockets (= 2.3.1)
  sqlite3 (= 1.3.3)
  syslog-logger (= 1.6.4)
  tapjoyserver-tests!
  therubyracer (= 0.9.10)
  tilt (= 1.3.3)
  twitter (= 1.7.2)
  typhoeus (= 0.2.4)
  uglifier (= 1.2.3)
  unicorn (= 4.2.0)
  uuidtools (= 2.1.2)
  vertica (= 0.8.1)
  will_paginate (= 2.3.16)
