GIT
  remote: git://github.com/Tapjoy/distribution.git
  revision: b26645f81810fe46a533ebf4128727763c3239c8
  specs:
    distribution (0.7.0)

GIT
  remote: git://github.com/Tapjoy/right_aws.git
  revision: 18446dbb2a86b6873dc9bbb06cdf4a4ed4efa666
  specs:
    right_aws (3.0.3)
      right_http_connection (>= 1.2.5)

GIT
  remote: git://github.com/odorcicd/authlogic.git
  revision: a087ad0cba3c165ba22fcf176c28b6f7517931e8
  branch: rails3
  specs:
    authlogic (2.1.3)
      activesupport

GEM
  remote: http://rubygems.org/
  specs:
    SystemTimer (1.2.3)
    abstract (1.0.0)
    actionmailer (3.0.12)
      actionpack (= 3.0.12)
      mail (~> 2.2.19)
    actionpack (3.0.12)
      activemodel (= 3.0.12)
      activesupport (= 3.0.12)
      builder (~> 2.1.2)
      erubis (~> 2.6.6)
      i18n (~> 0.5.0)
      rack (~> 1.2.5)
      rack-mount (~> 0.6.14)
      rack-test (~> 0.5.7)
      tzinfo (~> 0.3.23)
    activemodel (3.0.12)
      activesupport (= 3.0.12)
      builder (~> 2.1.2)
      i18n (~> 0.5.0)
    activerecord (3.0.12)
      activemodel (= 3.0.12)
      activesupport (= 3.0.12)
      arel (~> 2.0.10)
      tzinfo (~> 0.3.23)
    activeresource (3.0.12)
      activemodel (= 3.0.12)
      activesupport (= 3.0.12)
    activesupport (3.0.12)
    acts-as-approvable (0.6.9)
    addressable (2.2.6)
    airbrake (3.0.5)
      activesupport
      builder
    arel (2.0.10)
    aws-sdk (1.1.4)
      httparty (~> 0.7)
      json (~> 1.4)
      nokogiri (>= 1.4.4)
      uuidtools (~> 2.1)
    builder (2.1.2)
    capybara (1.1.2)
      mime-types (>= 1.16)
      nokogiri (>= 1.3.3)
      rack (>= 1.0.0)
      rack-test (>= 0.5.4)
      selenium-webdriver (~> 2.0)
      xpath (~> 0.1.4)
    cgi_multipart_eof_fix (2.5.0)
    childprocess (0.3.1)
      ffi (~> 1.0.6)
    coderay (1.0.5)
    crack (0.1.8)
    cucumber (1.1.9)
      builder (>= 2.1.2)
      diff-lcs (>= 1.1.2)
      gherkin (~> 2.9.0)
      json (>= 1.4.6)
      term-ansicolor (>= 1.0.6)
    cucumber-rails (1.3.0)
      capybara (>= 1.1.2)
      cucumber (>= 1.1.8)
      nokogiri (>= 1.5.0)
    curbit (0.2.0)
    daemons (1.0.10)
    database_cleaner (0.7.2)
    declarative_authorization (0.5.5)
    diff-lcs (1.1.3)
    differ (0.1.2)
    dynamic_form (1.1.4)
    erubis (2.6.6)
      abstract (>= 1.0.0)
    execjs (1.3.0)
      multi_json (~> 1.0)
    factory_girl (2.1.2)
      activesupport
    factory_girl_rails (1.2.0)
      factory_girl (~> 2.1.0)
      railties (>= 3.0.0)
    faraday (0.7.4)
      addressable (~> 2.2.6)
      multipart-post (~> 1.1.0)
      rack (>= 1.1.0, < 2)
    faraday_middleware (0.7.0)
      faraday (~> 0.7.3)
    fastthread (1.0.7)
    ffi (1.0.11)
    foreman (0.36.1)
      term-ansicolor (~> 1.0.7)
      thor (>= 0.13.6)
    gem_plugin (0.2.3)
    geoip (1.1.1)
    gherkin (2.9.3)
      json (>= 1.4.6)
    git (1.2.5)
    guard (1.0.1)
      ffi (>= 0.5.0)
      thor (~> 0.14.6)
    guard-cucumber (0.7.5)
      cucumber (>= 0.10)
      guard (>= 0.8.3)
    guard-rspec (0.7.0)
      guard (>= 0.10.0)
    guard-spork (0.6.0)
      guard (>= 0.10.0)
      spork (>= 0.8.4)
    haml (3.1.3)
    hashie (1.1.0)
    hike (1.2.1)
    hominid (3.0.2)
    hpricot (0.8.1)
    htmlentities (4.3.1)
    httparty (0.7.8)
      crack (= 0.1.8)
    i18n (0.5.0)
    jeweler (1.8.3)
      bundler (~> 1.0)
      git (>= 1.2.5)
      rake
      rdoc
    json (1.5.3)
    kgio (2.7.2)
    launchy (2.1.0)
      addressable (~> 2.2.6)
    libv8 (3.3.10.4)
    libxml-ruby (1.1.3)
    mail (2.2.19)
      activesupport (>= 2.3.6)
      i18n (>= 0.4.0)
      mime-types (~> 1.16)
      treetop (~> 1.4.8)
    mail_safe (0.3.1)
      actionmailer (>= 1.3.6)
    memcached (1.3.2)
    method_source (0.7.1)
    mime-types (1.18)
    mocha (0.9.12)
    mogli (0.0.33)
      hashie (~> 1.1.0)
      httparty (>= 0.4.3)
      multi_json (~> 1.0.3)
    mongrel (1.1.5)
      cgi_multipart_eof_fix (>= 2.4)
      daemons (>= 1.0.3)
      fastthread (>= 1.0.1)
      gem_plugin (>= 0.2.3)
    multi_json (1.0.3)
    multi_xml (0.4.0)
    multipart-post (1.1.0)
    mysql (2.8.1)
    newrelic_rpm (3.3.0)
    nokogiri (1.5.0)
    oauth (0.4.5)
    patron (0.4.4)
    plist (3.1.0)
    polyglot (0.3.3)
    pry (0.9.8.4)
      coderay (~> 1.0.5)
      method_source (~> 0.7.1)
      slop (>= 2.4.4, < 3)
    rack (1.2.5)
    rack-mount (0.6.14)
      rack (>= 1.0.0)
    rack-test (0.5.7)
      rack (>= 1.0)
    rails (3.0.12)
      actionmailer (= 3.0.12)
      actionpack (= 3.0.12)
      activerecord (= 3.0.12)
      activeresource (= 3.0.12)
      activesupport (= 3.0.12)
      bundler (~> 1.0)
      railties (= 3.0.12)
    railties (3.0.12)
      actionpack (= 3.0.12)
      activesupport (= 3.0.12)
      rake (>= 0.8.7)
      rdoc (~> 3.4)
      thor (~> 0.14.4)
    raindrops (0.8.0)
    rake (0.8.7)
    rcov (1.0.0)
    rdoc (3.12)
      json (~> 1.4)
    read_from_slave (0.4.0)
    redis (2.2.2)
    right_http_connection (1.3.0)
    rmagick (2.12.2)
    rspec (2.9.0)
      rspec-core (~> 2.9.0)
      rspec-expectations (~> 2.9.0)
      rspec-mocks (~> 2.9.0)
    rspec-core (2.9.0)
    rspec-expectations (2.9.1)
      diff-lcs (~> 1.1.3)
    rspec-mocks (2.9.0)
    rspec-rails (2.9.0)
      actionpack (>= 3.0)
      activesupport (>= 3.0)
      railties (>= 3.0)
      rspec (~> 2.9.0)
    rspec-rails-mocha (0.3.1)
      mocha (>= 0.9.8)
      rspec-rails (>= 2.0.0)
    ruby-hmac (0.4.0)
    ruby_gntp (0.3.4)
    rubyzip (0.9.6.1)
    sass (3.1.15)
    selenium-webdriver (2.20.0)
      childprocess (>= 0.2.5)
      ffi (~> 1.0)
      multi_json (~> 1.0)
      rubyzip
    sendgrid (1.0.1)
      json
      json
    shoulda (2.11.1)
    shoulda-addons (0.2.2)
    shoulda-matchers (1.0.0)
    simple_oauth (0.1.5)
    slop (2.4.4)
    spork (0.9.0)
    sprockets (2.3.1)
      hike (~> 1.2)
      multi_json (~> 1.0)
      rack (~> 1.0)
      tilt (~> 1.1, != 1.3.0)
    sqlite3 (1.3.3)
    syslog-logger (1.6.4)
    term-ansicolor (1.0.7)
    therubyracer (0.9.10)
      libv8 (~> 3.3.10)
    thor (0.14.6)
    tilt (1.3.3)
    timecop (0.3.5)
    treetop (1.4.10)
      polyglot
      polyglot (>= 0.3.1)
    twitter (1.7.2)
      faraday (~> 0.7.4)
      faraday_middleware (~> 0.7.0)
      hashie (~> 1.1.0)
      multi_json (~> 1.0.0)
      multi_xml (~> 0.4.0)
      simple_oauth (~> 0.1.5)
    typhoeus (0.2.4)
      mime-types
      mime-types
    tzinfo (0.3.32)
    uglifier (1.2.3)
      execjs (>= 0.3.0)
      multi_json (>= 1.0.2)
    unicorn (4.2.0)
      kgio (~> 2.6)
      rack
      raindrops (~> 0.7)
    uuidtools (2.1.2)
    vertica (0.9.1)
      jeweler
      rake
    will_paginate (2.3.16)
    xpath (0.1.4)
      nokogiri (~> 1.3)

PLATFORMS
  ruby

DEPENDENCIES
  SystemTimer (= 1.2.3)
  acts-as-approvable (= 0.6.9)
  addressable (= 2.2.6)
  airbrake (= 3.0.5)
  authlogic!
  aws-sdk (= 1.1.4)
  capybara
  cucumber-rails
  curbit (= 0.2.0)
  daemons (= 1.0.10)
  database_cleaner
  declarative_authorization
  differ (= 0.1.2)
  distribution (= 0.7.0)!
  dynamic_form
  execjs (= 1.3.0)
  factory_girl (= 2.1.2)
  factory_girl_rails (~> 1)
  faraday (= 0.7.4)
  faraday_middleware (= 0.7.0)
  foreman (= 0.36.1)
  geoip (= 1.1.1)
  guard-cucumber
  guard-rspec
  guard-spork
  haml (= 3.1.3)
  hashie (= 1.1.0)
  hike (= 1.2.1)
  hominid (= 3.0.2)
  hpricot (= 0.8.1)
  htmlentities (= 4.3.1)
  httparty (= 0.7.8)
  json (= 1.5.3)
  kgio (= 2.7.2)
  launchy
  libxml-ruby (= 1.1.3)
  mail_safe (= 0.3.1)
  memcached (= 1.3.2)
  mocha (= 0.9.12)
  mogli (= 0.0.33)
  mongrel (= 1.1.5)
  multi_json (= 1.0.3)
  multi_xml (= 0.4.0)
  multipart-post (= 1.1.0)
  mysql (= 2.8.1)
  newrelic_rpm (= 3.3.0)
  nokogiri (= 1.5.0)
  oauth (= 0.4.5)
  patron (= 0.4.4)
  plist (= 3.1.0)
  pry
  rails (~> 3.0.12)
  rake (= 0.8.7)
  rcov
  rdoc (= 3.12)
  read_from_slave (= 0.4.0)
  redis (= 2.2.2)
  right_aws!
  rmagick (= 2.12.2)
  rspec
  rspec-rails
  rspec-rails-mocha
  ruby-hmac (= 0.4.0)
  ruby_gntp
  sass (= 3.1.15)
  sendgrid (= 1.0.1)
  shoulda (= 2.11.1)
  shoulda-addons (= 0.2.2)
  shoulda-matchers
  simple_oauth (= 0.1.5)
  spork
  sprockets (= 2.3.1)
  sqlite3 (= 1.3.3)
  syslog-logger (= 1.6.4)
  therubyracer (= 0.9.10)
  tilt (= 1.3.3)
  timecop
  twitter (= 1.7.2)
  typhoeus (= 0.2.4)
  uglifier (= 1.2.3)
  unicorn (= 4.2.0)
  uuidtools (= 2.1.2)
  vertica (= 0.9.1)
  will_paginate (= 2.3.16)
