GIT
  remote: git://github.com/Tapjoy/fakememcached.git
  revision: b722daa998997bb8faa25f78c641880a597aa8dc
  ref: b722d
  specs:
    fakememcached (0.1.0)

GIT
  remote: git://github.com/Tapjoy/newrelic-riak.git
  revision: 9ce7cf9cf7d82877eb9a5e703eed9da6588e27ab
  tag: v0.1.1
  specs:
    newrelic_riak (0.1.1)
      newrelic_rpm (~> 3.0)

GIT
  remote: git://github.com/Tapjoy/right_aws.git
  revision: be26b4ab97c49adf3e34feedb322bf10e4dce5d1
  specs:
    right_aws (3.0.3)
      right_http_connection (>= 1.2.5)

GIT
  remote: git://github.com/Tapjoy/rollout.git
  revision: f67bd0d41b4291930656088e644f93696fb81637
  specs:
    rollout (1.1.0)

GIT
  remote: git://github.com/dickeyxxx/sprockets_rails3_backport.git
  revision: 3290b76f411ad5f06f0fcf4a0ac887a8caf061f0
  specs:
    sprockets_rails3_backport (0.0.4)
      rails (~> 3.0.0)
      sprockets (= 2.1.2)

GIT
  remote: git://github.com/odorcicd/authlogic.git
  revision: a087ad0cba3c165ba22fcf176c28b6f7517931e8
  branch: rails3
  specs:
    authlogic (2.1.3)
      activesupport

GIT
  remote: git@github.com:Tapjoy/analytics_logger.git
  revision: 2e2a2e61fb8ad0849ed4b3fbc9895366313aab18
  tag: v0.8.10
  specs:
    analytics_logger (0.8.10)
      activesupport (~> 3.0)
      bunny (~> 0.8.0)
      json (~> 1.5)
      redis (>= 2)
      syslog-logger (= 1.6.4)
      tzinfo (~> 0.3.0)
      uuidtools (~> 2.1)

GIT
  remote: git@github.com:Tapjoy/bunny.git
  revision: 03bbd47b08fa831ac381a1cbe95e7ca9f500a5b8
  tag: v0.8.0.1
  specs:
    bunny (0.8.0.1)

GIT
  remote: git@github.com:Tapjoy/notifications_client.git
  revision: 6594294b8570b63e318a9326f43dd7e427224d1d
  ref: 6594294b8570b63e318a9326f43dd7e427224d1d
  specs:
    notifications_client (0.1.0)
      json
      rest-client

GIT
  remote: git@github.com:Tapjoy/signage.git
  revision: 561205273e808992b0e80d6f77be243766101729
  specs:
    signage (0.0.1)

GEM
  remote: http://rubygems.org/
  remote: https://gems.gemfury.com/NpbzcqYHo5hzMWudyHNj/
  specs:
    SystemTimer (1.2.3)
    abstract (1.0.0)
    actionmailer (3.0.15)
      actionpack (= 3.0.15)
      mail (~> 2.2.19)
    actionpack (3.0.15)
      activemodel (= 3.0.15)
      activesupport (= 3.0.15)
      builder (~> 2.1.2)
      erubis (~> 2.6.6)
      i18n (~> 0.5.0)
      rack (~> 1.2.5)
      rack-mount (~> 0.6.14)
      rack-test (~> 0.5.7)
      tzinfo (~> 0.3.23)
    active_utils (1.0.3)
      activesupport (>= 2.3.11)
      i18n
    activemerchant (1.26.0)
      active_utils (>= 1.0.2)
      activesupport (>= 2.3.11)
      builder (>= 2.0.0)
      i18n
      json (>= 1.5.1)
      money
      nokogiri
    activemodel (3.0.15)
      activesupport (= 3.0.15)
      builder (~> 2.1.2)
      i18n (~> 0.5.0)
    activerecord (3.0.15)
      activemodel (= 3.0.15)
      activesupport (= 3.0.15)
      arel (~> 2.0.10)
      tzinfo (~> 0.3.23)
    activeresource (3.0.15)
      activemodel (= 3.0.15)
      activesupport (= 3.0.15)
    activesupport (3.0.15)
    acts-as-approvable (0.6.9)
    adapter (0.5.2)
    adapter-redis (0.5)
      adapter (~> 0.5.1)
      redis
    addressable (2.2.6)
    airbrake (3.0.5)
      activesupport
      builder
    akami (1.2.0)
      gyoku (>= 0.4.0)
      nokogiri (>= 1.4.0)
    annotate (2.4.0)
    archive-tar-minitar (0.5.2)
    arel (2.0.10)
    asset_sync (0.5.0)
      activemodel
      fog
    awesome_print (1.0.2)
    aws-sdk (1.3.9)
      httparty (~> 0.7)
      json (~> 1.4)
      nokogiri (>= 1.4.4)
      uuidtools (~> 2.1)
    beefcake (0.3.7)
    builder (2.1.2)
    bzip2-ruby (0.2.7)
    cancan (1.6.8)
    capybara (1.1.2)
      mime-types (>= 1.16)
      nokogiri (>= 1.3.3)
      rack (>= 1.0.0)
      rack-test (>= 0.5.4)
      selenium-webdriver (~> 2.0)
      xpath (~> 0.1.4)
    chef (0.10.8)
      bunny (>= 0.6.0)
      erubis
      highline
      json (>= 1.4.4, <= 1.6.1)
      mixlib-authentication (>= 1.1.0)
      mixlib-cli (>= 1.1.0)
      mixlib-config (>= 1.1.2)
      mixlib-log (>= 1.3.0)
      moneta
      net-ssh (~> 2.1.3)
      net-ssh-multi (~> 1.1.0)
      ohai (>= 0.6.0)
      rest-client (>= 1.0.4, < 1.7.0)
      treetop (~> 1.4.9)
      uuidtools
    childprocess (0.3.5)
      ffi (~> 1.0, >= 1.0.6)
    coderay (1.0.7)
    country-select (1.1.1)
    crack (0.1.8)
    cucumber (1.2.1)
      builder (>= 2.1.2)
      diff-lcs (>= 1.1.3)
      gherkin (~> 2.11.0)
      json (>= 1.4.6)
    cucumber-rails (1.3.0)
      capybara (>= 1.1.2)
      cucumber (>= 1.1.8)
      nokogiri (>= 1.5.0)
    curbit (0.2.0)
    daemons (1.0.10)
    database_cleaner (0.8.0)
    declarative_authorization (0.5.5)
    diff-lcs (1.1.3)
    differ (0.1.2)
    dynamic_form (1.1.4)
    erubis (2.6.6)
      abstract (>= 1.0.0)
    eventmachine (0.12.10)
    excon (0.16.2)
    factory_girl (2.6.4)
      activesupport (>= 2.3.9)
    factory_girl_rails (1.7.0)
      factory_girl (~> 2.6.0)
      railties (>= 3.0.0)
    fakeredis (0.3.2)
      redis (~> 2.2.0)
    fakeweb (1.3.0)
    faraday (0.7.4)
      addressable (~> 2.2.6)
      multipart-post (~> 1.1.0)
      rack (>= 1.1.0, < 2)
    faraday_middleware (0.7.0)
      faraday (~> 0.7.3)
    fattr (2.2.1)
    ffi (1.1.5)
    fog (1.6.0)
      builder
      excon (~> 0.14)
      formatador (~> 0.2.0)
      mime-types
      multi_json (~> 1.0)
      net-scp (~> 1.0.4)
      net-ssh (>= 2.1.3)
      nokogiri (~> 1.5.0)
      ruby-hmac
    foreman (0.36.1)
      term-ansicolor (~> 1.0.7)
      thor (>= 0.13.6)
    formatador (0.2.3)
    geoip (1.1.1)
    gherkin (2.11.2)
      json (>= 1.4.6)
    git (1.2.5)
    gli (2.4.1)
    growl (1.0.3)
    guard (1.5.0)
      listen (>= 0.4.2)
      lumberjack (>= 1.0.2)
      pry (>= 0.9.10)
      thor (>= 0.14.6)
    guard-cucumber (1.2.0)
      cucumber (>= 1.2.0)
      guard (>= 1.1.0)
    guard-rspec (1.2.0)
      guard (>= 1.1)
    guard-spork (1.1.0)
      guard (>= 1.1)
      spork (>= 0.8.4)
    gyoku (0.4.6)
      builder (>= 2.1.2)
    haml (3.1.3)
    hashie (1.2.0)
    highline (1.6.13)
    hike (1.2.1)
    hominid (3.0.2)
    hpricot (0.8.1)
    htmlentities (4.3.1)
    httmultiparty (0.3.8)
      httparty (>= 0.7.3)
      multipart-post
    httparty (0.7.8)
      crack (= 0.1.8)
    httpi (1.1.1)
      rack
    i18n (0.5.0)
    ipaddress (0.8.0)
    jeweler (1.8.4)
      bundler (~> 1.0)
      git (>= 1.2.5)
      rake
      rdoc
    jquery-rails (1.0.19)
      railties (~> 3.0)
      thor (~> 0.14)
    json (1.5.3)
    kgio (2.7.2)
    launchy (2.1.0)
      addressable (~> 2.2.6)
    lazy_high_charts (1.2.2)
      bundler (~> 1.0)
    libwebsocket (0.1.4)
      addressable
    libxml-ruby (1.1.3)
    listen (0.4.7)
      rb-fchange (~> 0.0.5)
      rb-fsevent (~> 0.9.1)
      rb-inotify (~> 0.8.8)
    localeapp (0.5.1)
      gli
      i18n
      json
      rest-client
      ya2yaml
    locales (1.0.45)
    lumberjack (1.0.2)
    mail (2.2.19)
      activesupport (>= 2.3.6)
      i18n (>= 0.4.0)
      mime-types (~> 1.16)
      treetop (~> 1.4.8)
    mail_safe (0.3.1)
      actionmailer (>= 1.3.6)
    memcached (1.3.2)
    method_source (0.8)
    mime-types (1.19)
    mixlib-authentication (1.3.0)
      mixlib-log
    mixlib-cli (1.2.2)
    mixlib-config (1.1.2)
    mixlib-log (1.4.1)
    mogli (0.0.38)
      hashie (>= 1.1.0)
      httmultiparty (>= 0.3.6)
      httparty (>= 0.4.3)
      multi_json (>= 1.0.3, < 1.4)
    moneta (0.6.0)
    money (5.0.0)
      i18n (~> 0.4)
      json
    multi_json (1.0.3)
    multi_xml (0.4.0)
    multipart-post (1.1.0)
    mysql (2.8.1)
    net-scp (1.0.4)
      net-ssh (>= 1.99.1)
    net-ssh (2.1.4)
    net-ssh-gateway (1.1.0)
      net-ssh (>= 1.99.1)
    net-ssh-multi (1.1)
      net-ssh (>= 2.1.4)
      net-ssh-gateway (>= 0.99.0)
    newrelic_rpm (3.3.0)
    nokogiri (1.5.5)
    nori (1.1.2)
    oauth (0.4.5)
    ohai (6.14.0)
      ipaddress
      mixlib-cli
      mixlib-config
      mixlib-log
      systemu
      yajl-ruby
    options (2.3.0)
      fattr
    parallel (0.5.17)
    parallel_tests (0.8.4)
      parallel
    patron (0.4.4)
    plist (3.1.0)
    polyglot (0.3.3)
    progress_bar (0.4.0)
      highline (~> 1.6.1)
      options (~> 2.3.0)
    pry (0.9.10)
      coderay (~> 1.0.5)
      method_source (~> 0.8)
      slop (~> 3.3.1)
    pry-nav (0.2.2)
      pry (~> 0.9.10)
    pry-rails (0.1.6)
      pry
    pry-remote (0.1.6)
      pry (~> 0.9)
      slop (~> 3.0)
    rabl (0.7.6)
      activesupport (>= 2.3.14)
      multi_json (~> 1.0)
    rack (1.2.5)
    rack-cors (0.2.7)
      rack
    rack-mount (0.6.14)
      rack (>= 1.0.0)
    rack-test (0.5.7)
      rack (>= 1.0)
    rails (3.0.15)
      actionmailer (= 3.0.15)
      actionpack (= 3.0.15)
      activerecord (= 3.0.15)
      activeresource (= 3.0.15)
      activesupport (= 3.0.15)
      bundler (~> 1.0)
      railties (= 3.0.15)
    railties (3.0.15)
      actionpack (= 3.0.15)
      activesupport (= 3.0.15)
      rake (>= 0.8.7)
      rdoc (~> 3.4)
      thor (~> 0.14.4)
    raindrops (0.10.0)
    rake (0.9.2.2)
    rb-fchange (0.0.5)
      ffi
    rb-fsevent (0.9.1)
    rb-inotify (0.8.8)
      ffi (>= 0.5.0)
    rcov (1.0.0)
    rdoc (3.12)
      json (~> 1.4)
    read_from_slave (0.4.0)
    redis (2.2.2)
    rest-client (1.6.7)
      mime-types (>= 1.16)
    riak-client (1.0.5)
      beefcake (~> 0.3.7)
      builder (>= 2.1.2)
      i18n (>= 0.4.0)
      multi_json (~> 1.0)
    right_http_connection (1.3.0)
    rmagick (2.12.2)
    rspec (2.10.0)
      rspec-core (~> 2.10.0)
      rspec-expectations (~> 2.10.0)
      rspec-mocks (~> 2.10.0)
    rspec-core (2.10.1)
    rspec-expectations (2.10.0)
      diff-lcs (~> 1.1.3)
    rspec-instafail (0.2.4)
    rspec-mocks (2.10.1)
    rspec-rails (2.10.1)
      actionpack (>= 3.0)
      activesupport (>= 3.0)
      railties (>= 3.0)
      rspec (~> 2.10.0)
    ruby-hmac (0.4.0)
    ruby18_source_location (0.2)
    ruby_parser (2.3.1)
      sexp_processor (~> 3.0)
    rubyzip (0.9.9)
    sass (3.1.15)
    savon (1.1.0)
      akami (~> 1.2.0)
      builder (>= 2.1.2)
      gyoku (~> 0.4.5)
      httpi (~> 1.1.0)
      nokogiri (>= 1.4.0)
      nori (~> 1.1.0)
      wasabi (~> 2.5.0)
    selenium-webdriver (2.25.0)
      childprocess (>= 0.2.5)
      libwebsocket (~> 0.1.3)
      multi_json (~> 1.0)
      rubyzip
    sendgrid (1.0.1)
      json
      json
    sexp_processor (3.2.0)
    shoulda-matchers (1.2.0)
      activesupport (>= 3.0.0)
    simple_oauth (0.1.5)
    simple_uuid (0.1.2)
    simplecov (0.6.4)
      multi_json (~> 1.0)
      simplecov-html (~> 0.5.3)
    simplecov-html (0.5.3)
    slop (3.3.2)
    spork (0.9.2)
    sprockets (2.1.2)
      hike (~> 1.2)
      rack (~> 1.0)
      tilt (~> 1.1, != 1.3.0)
    sqlite3 (1.3.3)
    syslog-logger (1.6.4)
    systemu (2.5.2)
    term-ansicolor (1.0.7)
    test_after_commit (0.0.1)
    thin (1.4.1)
      daemons (>= 1.0.9)
      eventmachine (>= 0.12.6)
      rack (>= 1.0.0)
    thor (0.14.6)
    tilt (1.3.3)
    timecop (0.5.3)
    toystore (0.10.2)
      activemodel (~> 3.0, < 3.2)
      activesupport (~> 3.0, < 3.2)
      adapter (~> 0.5.1)
      simple_uuid (~> 0.1.1)
    treetop (1.4.10)
      polyglot
      polyglot (>= 0.3.1)
    twitter (2.0.2)
      activesupport (>= 2.3.9, < 4)
      faraday (~> 0.7)
      multi_json (~> 1.0)
      simple_oauth (~> 0.1)
    typhoeus (0.2.4)
      mime-types
      mime-types
    tzinfo (0.3.33)
    unicorn (4.2.0)
      kgio (~> 2.6)
      rack
      raindrops (~> 0.7)
    uuidtools (2.1.2)
    vcr (2.2.5)
    vertica (0.9.1)
      jeweler
      rake
    wasabi (2.5.1)
      httpi (~> 1.0)
      nokogiri (>= 1.4.0)
    will_paginate (3.0.3)
    xml-simple (1.1.1)
    xpath (0.1.4)
      nokogiri (~> 1.3)
    ya2yaml (0.31)
    yajl-ruby (1.1.0)

PLATFORMS
  ruby

DEPENDENCIES
  SystemTimer (= 1.2.3)
  activemerchant
  acts-as-approvable (= 0.6.9)
  adapter-redis (= 0.5)
  addressable (= 2.2.6)
  airbrake (= 3.0.5)
  analytics_logger (= 0.8.10)!
  annotate
  archive-tar-minitar
  asset_sync
  authlogic!
  awesome_print
  aws-sdk (= 1.3.9)
  bunny (= 0.8.0.1)!
  bzip2-ruby
  cancan (~> 1.6)
  capybara
  chef (= 0.10.8)
  country-select
  cucumber
  cucumber-rails
  curbit (= 0.2.0)
  daemons (= 1.0.10)
  database_cleaner
  declarative_authorization
  differ
  dynamic_form
  factory_girl (~> 2.6)
  factory_girl_rails
  fakememcached!
  fakeredis
  fakeweb
  faraday (= 0.7.4)
  faraday_middleware (= 0.7.0)
  foreman (= 0.36.1)
  geoip (= 1.1.1)
  growl
  guard-cucumber
  guard-rspec
  guard-spork
  haml (= 3.1.3)
  hashie (~> 1.2)
  hike (= 1.2.1)
  hominid (= 3.0.2)
  hpricot (= 0.8.1)
  htmlentities (= 4.3.1)
  httparty (= 0.7.8)
  jquery-rails
  json (= 1.5.3)
  kgio (= 2.7.2)
  launchy
  lazy_high_charts (= 1.2.2)
  libxml-ruby (= 1.1.3)
  localeapp
  locales
  mail_safe (= 0.3.1)
  memcached (= 1.3.2)
  mogli (= 0.0.38)
  multi_json (= 1.0.3)
  multi_xml (= 0.4.0)
  multipart-post (= 1.1.0)
  mysql (= 2.8.1)
  newrelic_riak (= 0.1.1)!
  newrelic_rpm (= 3.3.0)
  nokogiri (= 1.5.5)
  notifications_client!
  oauth (= 0.4.5)
  parallel_tests
  patron (= 0.4.4)
  plist (= 3.1.0)
  progress_bar
  pry
  pry-nav
  pry-rails
  pry-remote
  rabl (= 0.7.6)
  rack-cors (= 0.2.7)
  rails (~> 3.0.12)
  rake
  rcov
  rdoc (= 3.12)
  read_from_slave (= 0.4.0)
  redis (= 2.2.2)
  riak-client (= 1.0.5)
  right_aws!
  rmagick (= 2.12.2)
  rollout!
  rspec
  rspec-instafail
  rspec-rails
  ruby-hmac (= 0.4.0)
  ruby18_source_location
  ruby_parser
  sass (= 3.1.15)
  savon (= 1.1.0)
  sendgrid (= 1.0.1)
  shoulda-matchers (= 1.2.0)
  signage!
  simple_oauth (= 0.1.5)
  simplecov
  spork
  sprockets_rails3_backport!
  sqlite3 (= 1.3.3)
  test_after_commit
  thin
  tilt (= 1.3.3)
  timecop
  toystore (= 0.10.2)
  twitter (~> 2.0.0)
  typhoeus (= 0.2.4)
  unicorn (= 4.2.0)
  uuidtools (= 2.1.2)
  vcr
  vertica (= 0.9.1)
  will_paginate (~> 3.0)
  xml-simple
